GEM
  remote: https://rubygems.org/
  specs:
    chunky_png (1.3.15)
    nokogiri (1.13.10-x64-mingw32)
      racc (~> 1.4)
    nokogiri (1.13.10-x86-mingw32)
      racc (~> 1.4)
    nokogiri (1.13.10-x86_64-linux)
      racc (~> 1.4)
    oily_png (1.2.1)
      chunky_png (~> 1.3.7)
    qtbindings (4.8.6.4)
    qtbindings (4.8.6.4-x64-mingw32)
      qtbindings-qt (~> 4.8.6.0, >= 4.8.6.4)
    qtbindings (4.8.6.4-x86-mingw32)
      qtbindings-qt (~> 4.8.6.0, >= 4.8.6.4)
    qtbindings-qt (4.8.6.4-x64-mingw32)
    qtbindings-qt (4.8.6.4-x86-mingw32)
    racc (1.6.2)
    rubyzip (2.3.0)
    unicode_japanese (0.3)

PLATFORMS
  x64-mingw32
  x86-mingw32
  x86_64-linux

DEPENDENCIES
  nokogiri
  oily_png
  qtbindings (= 4.8.6.4)
  qtbindings-qt (= 4.8.6.4)
  rubyzip
  unicode_japanese

BUNDLED WITH
   2.1.4
